GEM
  remote: https://rubygems.org/
  specs:
    ansi (1.5.0)
    ast (2.4.0)
    builder (3.2.3)
    coderay (1.1.2)
    colorize (0.8.1)
    equatable (0.5.0)
    jaro_winkler (1.5.2)
    method_source (0.9.2)
    minitest (5.11.3)
    minitest-reporters (1.3.6)
      ansi
      builder
      minitest (>= 5.0)
      ruby-progressbar
    necromancer (0.4.0)
    parallel (1.14.0)
    parser (2.6.0.0)
      ast (~> 2.4.0)
    pastel (0.7.2)
      equatable (~> 0.5.0)
      tty-color (~> 0.4.0)
    powerpack (0.1.2)
    pry (0.12.2)
      coderay (~> 1.1.0)
      method_source (~> 0.9.0)
    psych (3.1.0)
    rainbow (3.0.0)
    rake (12.3.2)
    rubocop (0.65.0)
      jaro_winkler (~> 1.5.1)
      parallel (~> 1.10)
      parser (>= 2.5, != 2.5.1.1)
      powerpack (~> 0.1)
      psych (>= 3.1.0)
      rainbow (>= 2.2.2, < 4.0)
      ruby-progressbar (~> 1.7)
      unicode-display_width (~> 1.4.0)
    ruby-progressbar (1.10.0)
    strings (0.1.4)
      strings-ansi (~> 0.1.0)
      unicode-display_width (~> 1.4.0)
      unicode_utils (~> 1.4.0)
    strings-ansi (0.1.0)
    timers (4.3.0)
    tty-box (0.3.0)
      pastel (~> 0.7.2)
      strings (~> 0.1.4)
      tty-cursor (~> 0.6.0)
    tty-color (0.4.3)
    tty-cursor (0.6.1)
    tty-prompt (0.18.1)
      necromancer (~> 0.4.0)
      pastel (~> 0.7.0)
      timers (~> 4.0)
      tty-cursor (~> 0.6.0)
      tty-reader (~> 0.5.0)
    tty-reader (0.5.0)
      tty-cursor (~> 0.6.0)
      tty-screen (~> 0.6.4)
      wisper (~> 2.0.0)
    tty-screen (0.6.5)
    unicode-display_width (1.4.1)
    unicode_utils (1.4.0)
    wisper (2.0.0)

PLATFORMS
  ruby

DEPENDENCIES
  bundler
  colorize (~> 0.8.1)
  minitest (~> 5.11, >= 5.11.3)
  minitest-reporters (~> 1.3, >= 1.3.6)
  pry (~> 0.12.2)
  rake (~> 12.3, >= 12.3.2)
  rubocop (~> 0.65.0)
  tty-box (~> 0.3.0)
  tty-cursor
  tty-prompt
  tty-screen (~> 0.6.5)

BUNDLED WITH
   2.0.1
