GEM
  remote: https://rubygems.org/
  specs:
    ansi (1.5.0)
    builder (3.2.3)
    coderay (1.1.2)
    colorize (0.8.1)
    method_source (0.9.2)
    minitest (5.11.3)
    minitest-reporters (1.3.6)
      ansi
      builder
      minitest (>= 5.0)
      ruby-progressbar
    pry (0.12.2)
      coderay (~> 1.1.0)
      method_source (~> 0.9.0)
    rake (12.3.2)
    ruby-progressbar (1.10.0)

PLATFORMS
  ruby

DEPENDENCIES
  bundler (~> 2.0, >= 2.0.1)
  colorize (~> 0.8.1)
  minitest (~> 5.11, >= 5.11.3)
  minitest-reporters (~> 1.3, >= 1.3.6)
  pry (~> 0.12.2)
  rake (~> 12.3, >= 12.3.2)

BUNDLED WITH
   2.0.1
